GEM
  remote: https://rubygems.org/
  specs:
    diff-lcs (1.3)
    faraday (0.12.1)
      multipart-post (>= 1.2, < 3)
    jwt (1.5.6)
    libxml-ruby (3.0.0)
    mini_portile2 (2.2.0)
    minitest (5.8.3)
    multipart-post (2.0.0)
    mustermann (1.0.3)
    nokogiri (1.8.0)
      mini_portile2 (~> 2.2.0)
    rack (2.0.7)
    rack-protection (2.0.6)
      rack
    rack-test (0.7.0)
      rack (>= 1.0, < 3)
    rake (12.0.0)
    rspec (3.6.0)
      rspec-core (~> 3.6.0)
      rspec-expectations (~> 3.6.0)
      rspec-mocks (~> 3.6.0)
    rspec-core (3.6.0)
      rspec-support (~> 3.6.0)
    rspec-expectations (3.6.0)
      diff-lcs (>= 1.2.0, < 2.0)
      rspec-support (~> 3.6.0)
    rspec-mocks (3.6.0)
      diff-lcs (>= 1.2.0, < 2.0)
      rspec-support (~> 3.6.0)
    rspec-support (3.6.0)
    sinatra (2.0.6)
      mustermann (~> 1.0)
      rack (~> 2.0)
      rack-protection (= 2.0.6)
      tilt (~> 2.0)
    tilt (2.0.9)
    twilio-ruby (5.0.0.rc26)
      faraday (~> 0.9)
      jwt (~> 1.5)
      libxml-ruby (= 3.0.0)

PLATFORMS
  ruby

DEPENDENCIES
  minitest
  nokogiri
  rack-test
  rake
  rspec
  sinatra
  twilio-ruby (~> 5.0.0.rc26)

BUNDLED WITH
   1.15.4
