GEM
  remote: https://rubygems.org/
  specs:
    builder (3.2.3)
    faraday (0.12.1)
      multipart-post (>= 1.2, < 3)
    jwt (1.5.6)
    minitest (5.8.3)
    multipart-post (2.0.0)
    power_assert (0.4.1)
    rack (1.6.5)
    rack-protection (1.5.3)
      rack
    rack-test (0.6.3)
      rack (>= 1.0)
    rake (12.0.0)
    sinatra (1.4.7)
      rack (~> 1.5)
      rack-protection (~> 1.4)
      tilt (>= 1.3, < 3)
    test-unit (3.2.3)
      power_assert
    tilt (2.0.5)
    twilio-ruby (5.0.0.rc21)
      builder (>= 2.1.2)
      faraday (~> 0.9)
      jwt (~> 1.5)

PLATFORMS
  ruby

DEPENDENCIES
  minitest
  rack-test
  rake
  sinatra
  test-unit
  twilio-ruby (= 5.0.0.rc21)

BUNDLED WITH
   1.15.1
